GIT
  remote: git@github.com:vmg/redcarpet.git
  revision: 84d610317182be56e1f4bc74992c6cd1ff1fa1d7
  specs:
    redcarpet (3.0.0)

GEM
  remote: https://rubygems.org/
  specs:
    activesupport (3.2.16)
      i18n (~> 0.6, >= 0.6.4)
      multi_json (~> 1.0)
    addressable (2.3.5)
    atomic (1.1.14)
    builder (3.2.2)
    chunky_png (1.2.9)
    coffee-script (2.2.0)
      coffee-script-source
      execjs
    coffee-script-source (1.6.3)
    compass (0.12.2)
      chunky_png (~> 1.2)
      fssm (>= 0.2.7)
      sass (~> 3.1)
    execjs (1.4.0)
      multi_json (~> 1.0)
    ffi (1.9.3)
    fssm (0.2.10)
    haml (4.0.4)
      tilt
    hike (1.2.3)
    i18n (0.6.9)
    kramdown (1.3.0)
    listen (1.3.1)
      rb-fsevent (>= 0.9.3)
      rb-inotify (>= 0.9)
      rb-kqueue (>= 0.2)
    middleman (3.2.1)
      coffee-script (~> 2.2.0)
      compass (>= 0.12.2)
      execjs (~> 1.4.0)
      haml (>= 3.1.6)
      kramdown (~> 1.2)
      middleman-core (= 3.2.1)
      middleman-sprockets (>= 3.1.2)
      sass (>= 3.1.20)
      uglifier (~> 2.1.0)
    middleman-blog (3.5.1)
      addressable (~> 2.3.5)
      middleman-core (~> 3.2)
      tzinfo (>= 0.3.0)
    middleman-core (3.2.1)
      activesupport (~> 3.2.6)
      bundler (~> 1.1)
      i18n (~> 0.6.1)
      listen (~> 1.1)
      rack (>= 1.4.5)
      rack-test (~> 0.6.1)
      thor (>= 0.15.2, < 2.0)
      tilt (~> 1.4.1)
    middleman-sprockets (3.2.0)
      middleman-core (~> 3.2)
      sprockets (~> 2.1)
      sprockets-helpers (~> 1.0.0)
      sprockets-sass (~> 1.0.0)
    middleman-syntax (1.2.1)
      middleman-core (~> 3.0)
      rouge (~> 0.3.0)
    mini_portile (0.5.2)
    multi_json (1.8.2)
    nokogiri (1.6.1)
      mini_portile (~> 0.5.0)
    rack (1.5.2)
    rack-test (0.6.2)
      rack (>= 1.0)
    rb-fsevent (0.9.4)
    rb-inotify (0.9.3)
      ffi (>= 0.5.0)
    rb-kqueue (0.2.0)
      ffi (>= 0.5.0)
    rouge (0.3.10)
      thor
    sass (3.2.13)
    slim (2.0.2)
      temple (~> 0.6.6)
      tilt (>= 1.3.3, < 2.1)
    sprockets (2.10.1)
      hike (~> 1.2)
      multi_json (~> 1.0)
      rack (~> 1.0)
      tilt (~> 1.1, != 1.3.0)
    sprockets-helpers (1.0.1)
      sprockets (~> 2.0)
    sprockets-sass (1.0.2)
      sprockets (~> 2.0)
      tilt (~> 1.1)
    stylus (1.0.0)
      execjs
      stylus-source
    stylus-source (0.38.0)
    temple (0.6.7)
    thor (0.18.1)
    thread_safe (0.1.3)
      atomic
    tilt (1.4.1)
    tzinfo (1.1.0)
      thread_safe (~> 0.1)
    uglifier (2.1.2)
      execjs (>= 0.3.0)
      multi_json (~> 1.0, >= 1.0.2)

PLATFORMS
  ruby

DEPENDENCIES
  builder (~> 3.2.2)
  middleman (~> 3.2.1)
  middleman-blog (~> 3.5.1)
  middleman-syntax (~> 1.2.1)
  nokogiri (~> 1.6.1)
  redcarpet (~> 3.0.0)!
  slim (~> 2.0.2)
  stylus (~> 1.0.0)
